PATH
  remote: .
  specs:
    shopify_graphql_client (0.2.3)
      graphql-client (>= 0.14.0)
      shopify_api (>= 5.2)

GEM
  remote: https://rubygems.org/
  specs:
    activesupport (7.0.4.2)
      concurrent-ruby (~> 1.0, >= 1.0.2)
      i18n (>= 1.6, < 2)
      minitest (>= 5.1)
      tzinfo (~> 2.0)
    byebug (11.1.3)
    coderay (1.1.3)
    concurrent-ruby (1.2.0)
    diff-lcs (1.5.0)
    dotenv (2.8.1)
    graphql (2.0.17)
    graphql-client (0.18.0)
      activesupport (>= 3.0)
      graphql
    hash_diff (1.1.1)
    httparty (0.21.0)
      mini_mime (>= 1.0.0)
      multi_xml (>= 0.5.2)
    i18n (1.12.0)
      concurrent-ruby (~> 1.0)
    interception (0.5)
    jwt (2.7.0)
    method_source (1.0.0)
    mini_mime (1.1.2)
    minitest (5.17.0)
    multi_xml (0.6.0)
    oj (3.14.2)
    openssl (3.1.0)
    pry (0.14.2)
      coderay (~> 1.1)
      method_source (~> 1.0)
    pry-byebug (3.10.1)
      byebug (~> 11.0)
      pry (>= 0.13, < 0.15)
    pry-rescue (1.5.2)
      interception (>= 0.5)
      pry (>= 0.12.0)
    rake (10.5.0)
    rspec (3.12.0)
      rspec-core (~> 3.12.0)
      rspec-expectations (~> 3.12.0)
      rspec-mocks (~> 3.12.0)
    rspec-core (3.12.1)
      rspec-support (~> 3.12.0)
    rspec-expectations (3.12.2)
      diff-lcs (>= 1.2.0, < 2.0)
      rspec-support (~> 3.12.0)
    rspec-mocks (3.12.3)
      diff-lcs (>= 1.2.0, < 2.0)
      rspec-support (~> 3.12.0)
    rspec-support (3.12.0)
    securerandom (0.2.2)
    shopify_api (12.4.0)
      activesupport
      concurrent-ruby
      hash_diff
      httparty
      jwt
      oj
      openssl
      securerandom
      sorbet-runtime
      zeitwerk (~> 2.5, < 2.6.5)
    sorbet-runtime (0.5.10667)
    tzinfo (2.0.6)
      concurrent-ruby (~> 1.0)
    zeitwerk (2.6.4)

PLATFORMS
  ruby

DEPENDENCIES
  bundler (~> 1.17)
  dotenv
  pry
  pry-byebug (~> 3.7)
  pry-rescue (~> 1.5)
  rake (~> 10.0)
  rspec (~> 3.8)
  shopify_api (>= 10.0.0)
  shopify_graphql_client!

BUNDLED WITH
   1.17.3
